GEM
  remote: http://rubygems.org/
  specs:
    chunky_png (1.2.7)
    compass (0.12.2)
      chunky_png (~> 1.2)
      fssm (>= 0.2.7)
      sass (~> 3.2.5)
    compass_twitter_bootstrap (2.0.3)
      compass
    fssm (0.2.10)
    sass (3.2.5)

PLATFORMS
  ruby

DEPENDENCIES
  compass (~> 0.12.1)
  compass_twitter_bootstrap (~> 2.0.3)
